GEM
  remote: https://rubygems.org/
  specs:
    activesupport (5.2.0)
      concurrent-ruby (~> 1.0, >= 1.0.2)
      i18n (>= 0.7, < 2)
      minitest (~> 5.1)
      tzinfo (~> 1.1)
    cleverbot_io (2.0.0)
      httpclient (~> 2.8)
      oj (~> 2.15)
    concurrent-ruby (1.0.5)
    et-orbi (1.1.2)
      tzinfo
    eventmachine (1.2.7)
    fugit (1.1.1)
      et-orbi (~> 1.1, >= 1.1.1)
      raabro (~> 1.1)
    httpclient (2.8.3)
    i18n (1.0.1)
      concurrent-ruby (~> 1.0)
    minitest (5.11.3)
    oj (2.18.5)
    raabro (1.1.5)
    rufus-scheduler (3.5.0)
      fugit (~> 1.1, >= 1.1.1)
    thread_safe (0.3.6)
    tzinfo (1.2.5)
      thread_safe (~> 0.1)

PLATFORMS
  ruby

DEPENDENCIES
  activesupport
  cleverbot_io
  eventmachine
  rufus-scheduler

BUNDLED WITH
   1.16.1
